GIT
  remote: git://github.com/JacobNinja/codeminer.git
  revision: af15e437a04774c49eec2fce9b09839ecb9ec94e
  specs:
    codeminer (0.1.0)

GIT
  remote: git://github.com/JacobNinja/exercism-analysis.git
  revision: 3dd4b3e4338f5f9df7ecedac662028984de8b628
  specs:
    exercism-analysis (0.1.0)
      roodi (~> 4.0)

GEM
  remote: https://rubygems.org/
  specs:
    celluloid (0.15.2)
      timers (~> 1.1.0)
    connection_pool (2.0.0)
    json (1.8.1)
    redis (3.1.0)
    redis-namespace (1.5.0)
      redis (~> 3.0, >= 3.0.4)
    roodi (4.0.0)
      ruby_parser (~> 3.2, >= 3.2.2)
    ruby_parser (3.6.2)
      sexp_processor (~> 4.1)
    sexp_processor (4.4.3)
    sidekiq (3.2.1)
      celluloid (>= 0.15.2)
      connection_pool (>= 2.0.0)
      json
      redis (>= 3.0.6)
      redis-namespace (>= 1.3.1)
    sinatra (1.4.5)
      rack (~> 1.4)
      rack-protection (~> 1.4)
      tilt (~> 1.3, >= 1.3.4)
    timers (1.1.0)

PLATFORMS
  ruby

DEPENDENCIES
  codeminer!
  exercism-analysis!
  sidekiq
